GEM
  specs:
    minitest (5.10.3)

PLATFORMS
  ruby

DEPENDENCIES
  minitest

RUBY VERSION
   ruby 2.5.0p0

BUNDLED WITH
   2.0.1
